GEM
  remote: https://rubygems.org/
  specs:
    awesome_print (1.9.2)
    byebug (11.1.3)
    set (1.0.3)

PLATFORMS
  ruby

DEPENDENCIES
  awesome_print
  byebug
  set

BUNDLED WITH
   2.1.4
